GEM
  remote: https://rubygems.org/
  specs:
    concurrent-ruby (1.2.2)
    dotenv (2.8.1)
    faker (2.2.1)
      i18n (>= 0.8)
    httparty (0.21.0)
      mini_mime (>= 1.0.0)
      multi_xml (>= 0.5.2)
    i18n (0.9.5)
      concurrent-ruby (~> 1.0)
    interactor (3.1.2)
    mini_mime (1.1.5)
    minitest (5.19.0)
    multi_xml (0.6.0)
    rake (13.0.6)
    thor (1.2.2)

PLATFORMS
  x86_64-darwin-22

DEPENDENCIES
  dotenv (~> 2.8)
  faker
  httparty (~> 0.21.0)
  interactor (~> 3.1)
  minitest
  rake (~> 13.0)
  thor (~> 1.2)

BUNDLED WITH
   2.4.18
