GEM
  remote: https://rubygems.org/
  specs:
    concurrent-ruby (1.2.2)
    faker (3.2.0)
      i18n (>= 1.8.11, < 2)
    httparty (0.21.0)
      mini_mime (>= 1.0.0)
      multi_xml (>= 0.5.2)
    i18n (1.14.1)
      concurrent-ruby (~> 1.0)
    mini_mime (1.1.5)
    minitest (5.19.0)
    multi_xml (0.6.0)
    rake (13.0.6)
    thor (1.2.2)

PLATFORMS
  x86_64-darwin-22

DEPENDENCIES
  faker
  httparty (~> 0.21.0)
  minitest
  rake (~> 13.0)
  thor (~> 1.2)

RUBY VERSION
   ruby 3.2.2p53

BUNDLED WITH
   2.4.18
